GEM
  remote: https://rubygems.org/
  specs:
    anycable (1.4.4)
      anycable-core (= 1.4.4)
      grpc (~> 1.53)
    anycable-core (1.4.4)
      anyway_config (~> 2.2)
      google-protobuf (~> 3.25)
    anyway_config (2.6.3)
      ruby-next-core (~> 1.0)
    google-protobuf (3.25.3)
    google-protobuf (3.25.3-x86_64-linux)
    googleapis-common-protos-types (1.11.0)
      google-protobuf (~> 3.18)
    grpc (1.60.0)
      google-protobuf (~> 3.25)
      googleapis-common-protos-types (~> 1.0)
    grpc (1.60.0-x86_64-linux)
      google-protobuf (~> 3.25)
      googleapis-common-protos-types (~> 1.0)
    mini_portile2 (2.8.5)
    nokogiri (1.15.4)
      mini_portile2 (~> 2.8.2)
      racc (~> 1.4)
    nokogiri (1.15.4-x86_64-linux)
      racc (~> 1.4)
    racc (1.7.3)
    ruby-next-core (1.0.2)

PLATFORMS
  ruby
  x86_64-linux

DEPENDENCIES
  anycable
  nokogiri

RUBY VERSION
   ruby 3.2.2p53

BUNDLED WITH
   2.4.10
